GEM
  remote: https://rubygems.org/
  specs:
    rack (3.0.7)

PLATFORMS
  arm64-darwin-22

DEPENDENCIES
  rack (~> 3.0)

BUNDLED WITH
   2.4.7
