GEM
  remote: https://rubygems.org/
  specs:
    coderay (1.1.3)
    colorize (1.1.0)
    concurrent-ruby (1.2.3)
    connection_pool (2.4.1)
    google-protobuf (3.25.2-arm64-darwin)
    googleapis-common-protos-types (1.11.0)
      google-protobuf (~> 3.18)
    method_source (1.0.0)
    opentelemetry-api (1.2.3)
    opentelemetry-common (0.20.0)
      opentelemetry-api (~> 1.0)
    opentelemetry-exporter-jaeger (0.23.0)
      opentelemetry-api (~> 1.1)
      opentelemetry-common (~> 0.20)
      opentelemetry-sdk (~> 1.2)
      opentelemetry-semantic_conventions
      thrift
    opentelemetry-exporter-otlp (0.26.1)
      google-protobuf (~> 3.14)
      googleapis-common-protos-types (~> 1.3)
      opentelemetry-api (~> 1.1)
      opentelemetry-common (~> 0.20)
      opentelemetry-sdk (~> 1.2)
      opentelemetry-semantic_conventions
    opentelemetry-exporter-zipkin (0.23.0)
      opentelemetry-api (~> 1.1)
      opentelemetry-common (~> 0.20)
      opentelemetry-sdk (~> 1.2)
      opentelemetry-semantic_conventions
    opentelemetry-instrumentation-base (0.22.3)
      opentelemetry-api (~> 1.0)
      opentelemetry-registry (~> 0.1)
    opentelemetry-instrumentation-rack (0.24.0)
      opentelemetry-api (~> 1.0)
      opentelemetry-common (~> 0.20.0)
      opentelemetry-instrumentation-base (~> 0.22.1)
    opentelemetry-instrumentation-sidekiq (0.25.0)
      opentelemetry-api (~> 1.0)
      opentelemetry-common (~> 0.20.0)
      opentelemetry-instrumentation-base (~> 0.22.1)
    opentelemetry-registry (0.3.0)
      opentelemetry-api (~> 1.1)
    opentelemetry-sdk (1.3.1)
      opentelemetry-api (~> 1.1)
      opentelemetry-common (~> 0.20)
      opentelemetry-registry (~> 0.2)
      opentelemetry-semantic_conventions
    opentelemetry-semantic_conventions (1.10.0)
      opentelemetry-api (~> 1.0)
    pry (0.14.2)
      coderay (~> 1.1)
      method_source (~> 1.0)
    rack (3.0.8)
    rack-session (2.0.0)
      rack (>= 3.0.0)
    rackup (2.1.0)
      rack (>= 3)
      webrick (~> 1.8)
    redis-client (0.19.1)
      connection_pool
    ruby-progressbar (1.13.0)
    sidekiq (7.2.0)
      concurrent-ruby (< 2)
      connection_pool (>= 2.3.0)
      rack (>= 2.2.4)
      redis-client (>= 0.14.0)
    sqlite3 (1.7.0-arm64-darwin)
    thrift (0.19.0)
    webrick (1.8.1)

PLATFORMS
  arm64-darwin-23

DEPENDENCIES
  colorize
  opentelemetry-exporter-jaeger
  opentelemetry-exporter-otlp
  opentelemetry-exporter-zipkin
  opentelemetry-instrumentation-rack
  opentelemetry-instrumentation-sidekiq
  opentelemetry-sdk
  pry
  rack
  rack-session
  rackup
  ruby-progressbar
  sidekiq
  sqlite3

BUNDLED WITH
   2.4.21
